GEM
  remote: http://rubygems.org/
  specs:
    highline (1.6.8)
    nokogiri (1.5.0)
    ruby-aws (1.4.0)
      highline (>= 1.2.7)
      nokogiri (>= 1.4)

PLATFORMS
  ruby

DEPENDENCIES
  nokogiri
  ruby-aws
